GEM
  remote: https://rubygems.org/
  specs:
    builder (3.2.3)
    cucumber (2.4.0)
      builder (>= 2.1.2)
      cucumber-core (~> 1.5.0)
      cucumber-wire (~> 0.0.1)
      diff-lcs (>= 1.1.3)
      gherkin (~> 4.0)
      multi_json (>= 1.7.5, < 2.0)
      multi_test (>= 0.1.2)
    cucumber-core (1.5.0)
      gherkin (~> 4.0)
    cucumber-tag_expressions (1.1.1)
    cucumber-wire (0.0.1)
    diff-lcs (1.3)
    gherkin (4.1.3)
    multi_json (1.13.1)
    multi_test (0.1.2)
    parallel (1.13.0)
    parallel_tests (2.28.0)
      parallel
    rake (12.1.0)

PLATFORMS
  java
  x64-mingw32

DEPENDENCIES
  cucumber (~> 2.4.0)
  cucumber-tag_expressions
  parallel_tests
  rake

BUNDLED WITH
   2.0.1
